GEM
  remote: https://rubygems.org/
  specs:
    highline (1.7.7)

PLATFORMS
  ruby

DEPENDENCIES
  highline

BUNDLED WITH
   1.10.6
